GEM
  remote: http://gemserver.va.opower.it/
  specs:
    ffi (1.0.11)
    file-monitor (0.1.3)
      rb-inotify (>= 0.8.8)
    rb-inotify (0.8.8)
      ffi (>= 0.5.0)

PLATFORMS
  ruby

DEPENDENCIES
  file-monitor
